GEM
  remote: https://rubygems.org/
  specs:
    ast (2.4.2)
    base64 (0.2.0)
    engtagger (0.4.1)
      lru_redux
    lru_redux (1.1.0)
    mini_portile2 (2.8.7)
    multi_json (1.15.0)
    mustermann (3.0.3)
      ruby2_keywords (~> 0.0.1)
    nokogiri (1.15.5)
      mini_portile2 (~> 2.8.2)
      racc (~> 1.4)
    nokogiri (1.15.5-x86_64-linux)
      racc (~> 1.4)
    opal (1.8.2)
      ast (>= 2.3.0)
      parser (~> 3.0, >= 3.0.3.2)
    parser (3.3.5.0)
      ast (~> 2.4.1)
      racc
    racc (1.8.1)
    rack (2.2.10)
    rack-protection (3.2.0)
      base64 (>= 0.1.0)
      rack (~> 2.2, >= 2.2.4)
    ruby2_keywords (0.0.5)
    ruby_rhymes (0.1.2)
    sinatra (3.2.0)
      mustermann (~> 3.0)
      rack (~> 2.2, >= 2.2.4)
      rack-protection (= 3.2.0)
      tilt (~> 2.0)
    sinatra-contrib (3.2.0)
      multi_json (>= 0.0.2)
      mustermann (~> 3.0)
      rack-protection (= 3.2.0)
      sinatra (= 3.2.0)
      tilt (~> 2.0)
    tilt (2.4.0)

PLATFORMS
  ruby
  x86_64-linux

DEPENDENCIES
  engtagger
  nokogiri (= 1.15.5)
  opal
  ruby_rhymes
  sinatra
  sinatra-contrib

BUNDLED WITH
   2.1.2
